PATH
  remote: .
  specs:
    rsqoot (0.5.0)
      activesupport (>= 3.0.0)
      hashie (>= 2.0.0)
      json (>= 1.6.0)

GEM
  remote: https://rubygems.org/
  specs:
    activesupport (3.2.13)
      i18n (= 0.6.1)
      multi_json (~> 1.0)
    hashie (2.0.5)
    i18n (0.6.1)
    json (1.8.1)
    multi_json (1.8.2)

PLATFORMS
  ruby

DEPENDENCIES
  rsqoot!
